GEM
  remote: https://rubygems.org/
  specs:
    ast (2.4.2)
    base64 (0.1.1)
    debug (1.8.0)
      irb (>= 1.5.0)
      reline (>= 0.3.1)
    io-console (0.6.0)
    irb (1.8.1)
      rdoc
      reline (>= 0.3.8)
    json (2.6.3)
    language_server-protocol (3.17.0.3)
    parallel (1.23.0)
    parser (3.2.2.4)
      ast (~> 2.4.1)
      racc
    psych (5.1.0)
      stringio
    racc (1.7.1)
    rainbow (3.1.1)
    rdoc (6.5.0)
      psych (>= 4.0.0)
    regexp_parser (2.8.1)
    reline (0.3.9)
      io-console (~> 0.5)
    rexml (3.2.6)
    rubocop (1.56.4)
      base64 (~> 0.1.1)
      json (~> 2.3)
      language_server-protocol (>= 3.17.0)
      parallel (~> 1.10)
      parser (>= 3.2.2.3)
      rainbow (>= 2.2.2, < 4.0)
      regexp_parser (>= 1.8, < 3.0)
      rexml (>= 3.2.5, < 4.0)
      rubocop-ast (>= 1.28.1, < 2.0)
      ruby-progressbar (~> 1.7)
      unicode-display_width (>= 2.4.0, < 3.0)
    rubocop-ast (1.29.0)
      parser (>= 3.2.1.0)
    rubocop-performance (1.19.1)
      rubocop (>= 1.7.0, < 2.0)
      rubocop-ast (>= 0.4.0)
    ruby-progressbar (1.13.0)
    stringio (3.0.8)
    unicode-display_width (2.5.0)

PLATFORMS
  arm64-darwin-21
  arm64-darwin-22

DEPENDENCIES
  debug (>= 1.0.0)
  rubocop
  rubocop-performance

RUBY VERSION
   ruby 3.2.2p53

BUNDLED WITH
   2.4.20
